PATH
  remote: .
  specs:
    re_sorcery (0.1.0)
      addressable (~> 2.8, >= 2.8.1)

GEM
  remote: https://rubygems.org/
  specs:
    addressable (2.8.1)
      public_suffix (>= 2.0.2, < 6.0)
    coderay (1.1.3)
    method_source (1.0.0)
    minitest (5.17.0)
    pry (0.14.2)
      coderay (~> 1.1)
      method_source (~> 1.0)
    public_suffix (5.0.1)
    rake (13.0.6)

PLATFORMS
  arm64-darwin-21

DEPENDENCIES
  bundler (~> 2.3)
  minitest (~> 5.16)
  pry
  rake (~> 13.0)
  re_sorcery!

BUNDLED WITH
   2.3.7
